GEM
  remote: https://rubygems.org/
  specs:
    ansi (1.5.0)
    arr-pm (0.0.12)
    backports (3.23.0)
    cabin (0.9.0)
    clamp (1.0.1)
    dotenv (2.8.1)
    excon (0.92.3)
    fpm (1.15.0)
      arr-pm (~> 0.0.11)
      backports (>= 2.6.2)
      cabin (>= 0.6.0)
      clamp (~> 1.0.0)
      pleaserun (~> 0.0.29)
      rexml
      stud
    fpm-fry (0.6.0)
      excon (~> 0.71)
      fpm (~> 1.13)
    insist (1.0.0)
    mustache (0.99.8)
    pleaserun (0.0.32)
      cabin (> 0)
      clamp
      dotenv
      insist
      mustache (= 0.99.8)
      stud
    rake (13.0.6)
    rexml (3.2.5)
    stud (0.0.23)

PLATFORMS
  ruby

DEPENDENCIES
  ansi
  excon (= 0.92.3)
  fpm-fry
  rake (>= 13.0.0)

BUNDLED WITH
   2.3.26
